GEM
  remote: https://rubygems.org/
  specs:
    diff-lcs (1.2.5)
    pg (0.17.1)
    pg (0.17.1-x86-mingw32)
    rspec (3.1.0)
      rspec-core (~> 3.1.0)
      rspec-expectations (~> 3.1.0)
      rspec-mocks (~> 3.1.0)
    rspec-core (3.1.4)
      rspec-support (~> 3.1.0)
    rspec-expectations (3.1.1)
      diff-lcs (>= 1.2.0, < 2.0)
      rspec-support (~> 3.1.0)
    rspec-mocks (3.1.1)
      rspec-support (~> 3.1.0)
    rspec-support (3.1.0)

PLATFORMS
  ruby
  x86-mingw32

DEPENDENCIES
  pg
  rspec
